GEM
  remote: https://rubygems.org/
  specs:
    tilt (1.3.3)
    zero (0.1.0)
      tilt

PLATFORMS
  ruby

DEPENDENCIES
  zero
